GEM
  remote: https://rubygems.org/
  specs:
    alexa_verifier (1.0.0)
    faraday (0.15.1)
      multipart-post (>= 1.2, < 3)
    htmlentities (4.3.4)
    json (2.1.0)
    multi_json (1.13.1)
    multipart-post (2.0.0)
    mustermann (1.0.2)
    rack (2.0.5)
    rack-protection (2.0.1)
      rack
    ralyxa (1.7.0)
      alexa_verifier (~> 1.0)
    redditkit (1.0.2)
      faraday (~> 0.8)
      htmlentities (~> 4.3)
      multi_json (~> 1.8)
    sinatra (2.0.1)
      mustermann (~> 1.0)
      rack (~> 2.0)
      rack-protection (= 2.0.1)
      tilt (~> 2.0)
    tilt (2.0.8)

PLATFORMS
  ruby

DEPENDENCIES
  json
  ralyxa
  redditkit (~> 1.0.1)
  sinatra

BUNDLED WITH
   1.16.2
